PATH
  remote: .
  specs:
    default_where (2.3.0)
      activerecord (>= 4.0, <= 7.1)

GEM
  remote: https://rubygems.org/
  specs:
    activemodel (7.0.4.1)
      activesupport (= 7.0.4.1)
    activerecord (7.0.4.1)
      activemodel (= 7.0.4.1)
      activesupport (= 7.0.4.1)
    activesupport (7.0.4.1)
      concurrent-ruby (~> 1.0, >= 1.0.2)
      i18n (>= 1.6, < 2)
      minitest (>= 5.1)
      tzinfo (~> 2.0)
    coderay (1.1.3)
    concurrent-ruby (1.1.10)
    i18n (1.12.0)
      concurrent-ruby (~> 1.0)
    method_source (1.0.0)
    minitest (5.17.0)
    pry (0.14.1)
      coderay (~> 1.1)
      method_source (~> 1.0)
    psych (4.0.4)
      stringio
    rake (12.3.3)
    rdoc (6.4.0)
      psych (>= 4.0.0)
    sdoc (1.1.0)
      rdoc (>= 5.0)
    stringio (3.0.2)
    tzinfo (2.0.5)
      concurrent-ruby (~> 1.0)

PLATFORMS
  ruby

DEPENDENCIES
  default_where!
  pry
  rake (~> 12.3)
  rdoc
  sdoc (~> 1.0)

BUNDLED WITH
   2.3.4
